GEM
  remote: https://rubygems.org/
  specs:
    awesome_print (1.6.1)
    cascade-rb (0.1.2)
      awesome_print
      iso_country_codes
    iso_country_codes (0.6.1)

PLATFORMS
  ruby

DEPENDENCIES
  cascade-rb
